GEM
  remote: https://rubygems.org/
  specs:
    daemons (1.2.3)
    eventmachine (1.2.0.1)
    httparty (0.13.7)
      json (~> 1.8)
      multi_xml (>= 0.5.2)
    json (1.8.3)
    multi_xml (0.5.5)
    rack (1.6.4)
    rack-protection (1.5.3)
      rack
    shotgun (0.9.1)
      rack (>= 1.0)
    sinatra (1.4.7)
      rack (~> 1.5)
      rack-protection (~> 1.4)
      tilt (>= 1.3, < 3)
    thin (1.7.0)
      daemons (~> 1.0, >= 1.0.9)
      eventmachine (~> 1.0, >= 1.0.4)
      rack (>= 1, < 3)
    tilt (2.0.5)

PLATFORMS
  ruby

DEPENDENCIES
  httparty
  shotgun
  sinatra
  thin

RUBY VERSION
   ruby 2.2.3p173

BUNDLED WITH
   1.13.6
